PATH
  remote: .
  specs:
    opencensus (0.1.0)

GEM
  remote: https://rubygems.org/
  specs:

PLATFORMS
  x86_64-darwin-20

DEPENDENCIES
  opencensus!

BUNDLED WITH
   2.2.22
